GEM
  remote: https://rubygems.org/
  specs:
    nokogiri-xmlsec-me-harder (0.9.1)

PLATFORMS
  ruby

DEPENDENCIES
  nokogiri-xmlsec-me-harder (~> 0.9.1)
